GEM
  remote: http://rubygems.org/
  specs:
    CFPropertyList (2.2.0)
    awesome_print (1.1.0)
    builder (3.2.0)
    calabash-android (0.4.4)
      awesome_print
      cucumber
      json
      retriable
      rubyzip
      slowhandcuke
    calabash-common (0.0.1)
      cucumber (~> 1.3.0)
    calabash-cucumber (0.9.146)
      CFPropertyList
      awesome_print
      bundler (~> 1.1)
      calabash-common (~> 0.0.1)
      cucumber (~> 1.3.0)
      httpclient (~> 2.3.3)
      json
      location-one (~> 0.0.10)
      run_loop (~> 0.0.11)
      sim_launcher (= 0.4.6)
      slowhandcuke
    cucumber (1.3.2)
      builder (>= 2.1.2)
      diff-lcs (>= 1.1.3)
      gherkin (~> 2.12.0)
      multi_json (~> 1.3)
    diff-lcs (1.2.4)
    geocoder (1.1.8)
    gherkin (2.12.0)
      multi_json (~> 1.3)
    httpclient (2.3.3)
    json (1.8.0)
    location-one (0.0.10)
      geocoder (~> 1.1)
      httpclient (~> 2.3.3)
      json
    multi_json (1.7.3)
    rack (1.5.2)
    rack-protection (1.5.0)
      rack
    retriable (1.3.3)
    rubyzip (0.9.9)
    run_loop (0.0.11)
      json
      thor
    sim_launcher (0.4.6)
      sinatra
    sinatra (1.4.2)
      rack (~> 1.5, >= 1.5.2)
      rack-protection (~> 1.4)
      tilt (~> 1.3, >= 1.3.4)
    slowhandcuke (0.0.3)
      cucumber
    thor (0.18.1)
    tilt (1.4.1)

PLATFORMS
  ruby

DEPENDENCIES
  calabash-android (= 0.4.4)
  calabash-cucumber (= 0.9.146)
